GEM
  remote: https://rubygems.org/
  specs:
    Ascii85 (1.0.2)
    activesupport (5.1.4)
      concurrent-ruby (~> 1.0, >= 1.0.2)
      i18n (~> 0.7)
      minitest (~> 5.1)
      tzinfo (~> 1.1)
    afm (0.2.2)
    bigdecimal (1.3.2)
    coderay (1.0.9)
    concurrent-ruby (1.0.5)
    daemons (1.2.5)
    diff-lcs (1.3)
    eventmachine (1.2.5)
    hashery (2.1.2)
    i18n (0.9.1)
      concurrent-ruby (~> 1.0)
    iniparser (0.1.0)
    json (2.1.0)
    kramdown (1.16.2)
    liquid (2.5.0)
    logutils (0.6.1)
    markdown (1.1.1)
      kramdown (>= 1.0.2)
      props (>= 1.0.0)
      textutils (>= 0.6.4)
    method_source (0.9.0)
    mini_portile2 (2.3.0)
    minitest (5.10.3)
    multi_json (1.12.2)
    nokogiri (1.8.1)
      mini_portile2 (~> 2.3.0)
    pdf-forms (0.5.5)
    pdf-reader (2.0.0)
      Ascii85 (~> 1.0.0)
      afm (~> 0.2.1)
      hashery (~> 2.0)
      ruby-rc4
      ttfunk
    prawn (0.12.0)
      pdf-reader (>= 0.9.0)
      ttfunk (~> 1.0.2)
    props (1.2.0)
      iniparser (>= 0.1.0)
    pry (0.9.12.2)
      coderay (~> 1.0.5)
      method_source (~> 0.8)
      slop (~> 3.4)
    rack (1.6.8)
    rack-protection (1.5.3)
      rack
    rack-test (0.6.2)
      rack (>= 1.0)
    rake (10.1.0)
    rspec (2.14.1)
      rspec-core (~> 2.14.0)
      rspec-expectations (~> 2.14.0)
      rspec-mocks (~> 2.14.0)
    rspec-core (2.14.8)
    rspec-expectations (2.14.5)
      diff-lcs (>= 1.1.3, < 2.0)
    rspec-mocks (2.14.6)
    ruby-rc4 (0.1.5)
    rubyzip (1.2.1)
    simplecov (0.7.1)
      multi_json (~> 1.0)
      simplecov-html (~> 0.7.1)
    simplecov-html (0.7.1)
    sinatra (1.4.3)
      rack (~> 1.4)
      rack-protection (~> 1.4)
      tilt (~> 1.3, >= 1.3.4)
    slop (3.6.0)
    textutils (1.4.0)
      activesupport
      logutils (>= 0.6.1)
      props (>= 1.1.2)
      rubyzip (>= 1.0.0)
    thin (1.5.1)
      daemons (>= 1.0.9)
      eventmachine (>= 0.12.6)
      rack (>= 1.0.0)
    thread_safe (0.3.6)
    tilt (1.4.1)
    ttfunk (1.0.3)
    tzinfo (1.2.4)
      thread_safe (~> 0.1)
    webrat (0.7.3)
      nokogiri (>= 1.2.0)
      rack (>= 1.0)
      rack-test (>= 0.5.3)

PLATFORMS
  ruby

DEPENDENCIES
  bigdecimal (= 1.3.2)
  eventmachine (= 1.2.5)
  json (= 2.1.0)
  liquid (= 2.5.0)
  markdown (= 1.1.1)
  pdf-forms (= 0.5.5)
  prawn (= 0.12.0)
  pry (= 0.9.12.2)
  rack-test (= 0.6.2)
  rake (= 10.1.0)
  rspec (= 2.14.1)
  simplecov (= 0.7.1)
  sinatra (= 1.4.3)
  thin (= 1.5.1)
  webrat (= 0.7.3)

BUNDLED WITH
   1.16.0
